GEM
  remote: http://rubygems.org/
  remote: http://gems.github.com/
  specs:
    actionmailer (2.3.18)
      actionpack (= 2.3.18)
    actionpack (2.3.18)
      activesupport (= 2.3.18)
      rack (~> 1.1.0)
    activerecord (2.3.18)
      activesupport (= 2.3.18)
    activeresource (2.3.18)
      activesupport (= 2.3.18)
    activesupport (2.3.18)
    ambethia-smtp-tls (1.1.2)
    coderay (1.1.0)
    columnize (0.8.9)
    daemons (1.1.9)
    debugger (1.6.8)
      columnize (>= 0.3.1)
      debugger-linecache (~> 1.2.0)
      debugger-ruby_core_source (~> 1.3.5)
    debugger-linecache (1.2.0)
    debugger-ruby_core_source (1.3.5)
    delayed_job (2.0.6)
      daemons
    ey_config (0.0.6)
    fastercsv (1.5.1)
    formtastic (0.2.5)
    has_scope (0.4.2)
    hoe (3.6.0)
      rake (>= 0.8, < 11.0)
    inherited_resources (1.0.4)
      has_scope (~> 0.4.2)
      responders (~> 0.4.3)
    json (1.7.7)
    json_pure (1.4.6)
    libxml-ruby (2.2.2)
    method_source (0.8.2)
    mime-types (1.16)
    mysql2 (0.2.18)
    nokogiri (1.5.5)
    paperclip (2.3.1)
    pry (0.10.1)
      coderay (~> 1.1.0)
      method_source (~> 0.8.1)
      slop (~> 3.4)
    pry-debugger (0.2.3)
      debugger (~> 1.3)
      pry (>= 0.9.10, < 0.11.0)
    rack (1.1.6)
    rails (2.3.18)
      actionmailer (= 2.3.18)
      actionpack (= 2.3.18)
      activerecord (= 2.3.18)
      activeresource (= 2.3.18)
      activesupport (= 2.3.18)
      rake (>= 0.8.3)
    rake (0.9.2.2)
    rdoc (3.12)
      json (~> 1.4)
    redis (3.0.1)
    responders (0.4.8)
    roo (1.13.2)
      nokogiri
      rubyzip
      spreadsheet (> 0.6.4)
    rubaidh-google_analytics (1.1.4)
      actionpack
      activesupport
    ruby-ole (1.2.11.7)
    rubyzip (1.1.6)
    slop (3.6.0)
    spreadsheet (0.9.8)
      ruby-ole (>= 1.0)
    test-unit (1.2.3)
      hoe (>= 1.5.1)
    thoughtbot-clearance (0.8.2)
    xml-simple (1.0.12)
    yfactorial-utility_scopes (0.2.2)
      activerecord (>= 2.1.0)

PLATFORMS
  ruby

DEPENDENCIES
  ambethia-smtp-tls (= 1.1.2)
  delayed_job (= 2.0.6)
  ey_config
  fastercsv (= 1.5.1)
  formtastic (~> 0.2.2)
  has_scope (= 0.4.2)
  inherited_resources (= 1.0.4)
  json_pure (= 1.4.6)
  libxml-ruby
  mime-types (= 1.16)
  mysql2 (= 0.2.18)
  paperclip (= 2.3.1)
  pry
  pry-debugger (~> 0.2.3)
  rails (= 2.3.18)
  rake (~> 0.9.2.2)
  rdoc (~> 3.12)
  redis (~> 3.0.1)
  responders (= 0.4.8)
  roo (~> 1.13.2)
  rubaidh-google_analytics (= 1.1.4)
  spreadsheet (= 0.9.8)
  test-unit (= 1.2.3)
  thoughtbot-clearance (= 0.8.2)
  xml-simple (= 1.0.12)
  yfactorial-utility_scopes (= 0.2.2)
